GEM
  remote: https://rubygems.org/
  specs:
    activesupport (4.2.7.1)
      i18n (~> 0.7)
      json (~> 1.7, >= 1.7.7)
      minitest (~> 5.1)
      thread_safe (~> 0.3, >= 0.3.4)
      tzinfo (~> 1.1)
    config_curator (0.4.0)
      activesupport (~> 4.2)
      thor (~> 0.19)
    i18n (0.7.0)
    json (1.8.3)
    minitest (5.10.1)
    thor (0.19.4)
    thread_safe (0.3.5)
    tzinfo (1.2.2)
      thread_safe (~> 0.1)

PLATFORMS
  ruby

DEPENDENCIES
  config_curator (~> 0.4.0)

BUNDLED WITH
   1.13.6
