GEM
  remote: https://rubygems.org/
  specs:
    activesupport (4.2.8)
      i18n (~> 0.7)
      minitest (~> 5.1)
      thread_safe (~> 0.3, >= 0.3.4)
      tzinfo (~> 1.1)
    config_curator (0.4.0)
      activesupport (~> 4.2)
      thor (~> 0.19)
    i18n (0.8.1)
    minitest (5.10.2)
    thor (0.19.4)
    thread_safe (0.3.6)
    tzinfo (1.2.3)
      thread_safe (~> 0.1)

PLATFORMS
  ruby

DEPENDENCIES
  config_curator (~> 0.4.0)

BUNDLED WITH
   1.14.6
